GEM
  remote: https://rubygems.org/
  specs:
    backports (3.6.0)
    certified (0.1.1)
    formkeeper (0.0.13)
      hpricot
      rack
    haml (4.0.5)
      tilt
    hashie (2.1.0)
    hpricot (0.8.6)
    httmultiparty (0.3.14)
      httparty (>= 0.7.3)
      mimemagic
      multipart-post
    httparty (0.13.1)
      json (~> 1.8)
      multi_xml (>= 0.5.2)
    json (1.8.1)
    mimemagic (0.2.1)
    multi_json (1.9.2)
    multi_xml (0.5.5)
    multipart-post (2.0.0)
    newrelic_rpm (3.7.3.204)
    rack (1.5.2)
    rack-protection (1.5.2)
      rack
    rack-test (0.6.2)
      rack (>= 1.0)
    shotgun (0.9)
      rack (>= 1.0)
    sinatra (1.4.4)
      rack (~> 1.4)
      rack-protection (~> 1.4)
      tilt (~> 1.3, >= 1.3.4)
    sinatra-contrib (1.4.2)
      backports (>= 2.0)
      multi_json
      rack-protection
      rack-test
      sinatra (~> 1.4.0)
      tilt (~> 1.3)
    sinatra-flash (0.3.0)
      sinatra (>= 1.0.0)
    sinatra-formkeeper (0.0.7)
      formkeeper (~> 0.0.12)
      hpricot
      rack
      sinatra
    soundcloud (0.3.2)
    tilt (1.4.1)

PLATFORMS
  ruby

DEPENDENCIES
  certified
  haml
  hashie
  httmultiparty
  newrelic_rpm
  shotgun
  sinatra
  sinatra-contrib
  sinatra-flash
  sinatra-formkeeper
  soundcloud
